GEM
  remote: http://rubygems.org/
  specs:
    chronic (0.6.7)
    diff-lcs (1.1.3)
    highline (1.6.11)
    rspec (2.8.0)
      rspec-core (~> 2.8.0)
      rspec-expectations (~> 2.8.0)
      rspec-mocks (~> 2.8.0)
    rspec-core (2.8.0)
    rspec-expectations (2.8.0)
      diff-lcs (~> 1.1.2)
    rspec-mocks (2.8.0)
    sequel (3.32.0)
    sqlite3 (1.3.4)

PLATFORMS
  ruby

DEPENDENCIES
  chronic
  highline
  rspec
  sequel
  sqlite3
